PATH
  remote: .
  specs:
    thecurrencycloud (0.7.0)
      activesupport (>= 4.2.0)
      hashie (>= 3.4.0)
      httparty (>= 0.8)
      json

GEM
  remote: http://rubygems.org/
  specs:
    activesupport (4.2.1)
      i18n (~> 0.7)
      json (~> 1.7, >= 1.7.7)
      minitest (~> 5.1)
      thread_safe (~> 0.3, >= 0.3.4)
      tzinfo (~> 1.1)
    fakeweb (1.3.0)
    hashie (3.4.0)
    httparty (0.13.3)
      json (~> 1.8)
      multi_xml (>= 0.5.2)
    i18n (0.7.0)
    jnunemaker-matchy (0.4.0)
    json (1.8.2)
    metaclass (0.0.4)
    minitest (5.5.1)
    mocha (0.14.0)
      metaclass (~> 0.0.1)
    multi_xml (0.5.5)
    rake (10.3.2)
    shoulda (3.0.1)
      shoulda-context (~> 1.0.0)
      shoulda-matchers (~> 1.0.0)
    shoulda-context (1.0.2)
    shoulda-matchers (1.0.0)
    thread_safe (0.3.5)
    tzinfo (1.2.2)
      thread_safe (~> 0.1)

PLATFORMS
  ruby

DEPENDENCIES
  activesupport (~> 4.2.1)
  fakeweb (~> 1.3)
  jnunemaker-matchy (~> 0.4)
  mocha (~> 0.9)
  rake
  shoulda (~> 3.0.1)
  thecurrencycloud!
